GEM
  remote: http://rubygems.org/
  specs:
    blankslate (2.1.2.4)
    minitest (2.12.1)
    parslet (1.3.0)
      blankslate (~> 2.0)
    rake (0.9.2.2)

PLATFORMS
  ruby

DEPENDENCIES
  minitest
  parslet
  rake
